GEM
  remote: https://rubygems.org/
  specs:
    google-protobuf (3.7.1)
    googleapis-common-protos-types (1.0.4)
      google-protobuf (~> 3.0)
    grpc (1.20.0)
      google-protobuf (~> 3.7)
      googleapis-common-protos-types (~> 1.0.0)

PLATFORMS
  ruby

DEPENDENCIES
  grpc

BUNDLED WITH
   2.0.1
